GEM
  specs:
    minitest (5.15.0)

PLATFORMS
  x86_64-linux

DEPENDENCIES
  minitest (~> 5.8, >= 5.8.4)

BUNDLED WITH
   2.3.25
